PATH
  remote: .
  specs:
    scene-cli-app (0.1.0)

GEM
  remote: https://rubygems.org/
  specs:
    rake (10.4.2)

PLATFORMS
  ruby

DEPENDENCIES
  bundler (~> 1.16)
  rake (~> 10.0)
  scene-cli-app!

BUNDLED WITH
   1.16.2
